GEM
  remote: https://rubygems.org/
  specs:
    addressable (2.8.1)
      public_suffix (>= 2.0.2, < 6.0)
    date (3.2.2)
    nokogiri (1.13.9-x86_64-linux)
      racc (~> 1.4)
    open-uri (0.2.0)
      stringio
      time
      uri
    public_suffix (5.0.0)
    racc (1.6.0)
    stringio (3.0.2)
    time (0.2.0)
      date
    uri (0.11.0)

PLATFORMS
  x86_64-linux

DEPENDENCIES
  addressable
  date
  nokogiri
  open-uri

BUNDLED WITH
   2.3.16
